PATH
  remote: .
  specs:
    vital (0.1.0)

GEM
  remote: https://rubygems.org/
  specs:
    rake (10.5.0)

PLATFORMS
  ruby

DEPENDENCIES
  bundler (~> 1.11)
  rake (~> 10.0)
  vital!

BUNDLED WITH
   1.11.2
